GEM
  remote: https://rubygems.org/
  specs:
    addressable (2.8.7)
      public_suffix (>= 2.0.2, < 7.0)
    aws-eventstream (1.3.0)
    aws-partitions (1.972.0)
    aws-sdk-core (3.203.0)
      aws-eventstream (~> 1, >= 1.3.0)
      aws-partitions (~> 1, >= 1.651.0)
      aws-sigv4 (~> 1.9)
      jmespath (~> 1, >= 1.6.1)
    aws-sdk-kms (1.89.0)
      aws-sdk-core (~> 3, >= 3.203.0)
      aws-sigv4 (~> 1.5)
    aws-sdk-sqs (1.81.0)
      aws-sdk-core (~> 3, >= 3.203.0)
      aws-sigv4 (~> 1.5)
    aws-sigv4 (1.9.1)
      aws-eventstream (~> 1, >= 1.0.2)
    bigdecimal (3.1.8)
    crack (1.0.0)
      bigdecimal
      rexml
    diff-lcs (1.5.1)
    hashdiff (1.1.1)
    jmespath (1.6.2)
    nypl_log_formatter (0.1.3)
    nypl_platform_api_client (1.0.0)
    public_suffix (6.0.1)
    rexml (3.3.7)
    rspec (3.13.0)
      rspec-core (~> 3.13.0)
      rspec-expectations (~> 3.13.0)
      rspec-mocks (~> 3.13.0)
    rspec-core (3.13.1)
      rspec-support (~> 3.13.0)
    rspec-expectations (3.13.3)
      diff-lcs (>= 1.2.0, < 2.0)
      rspec-support (~> 3.13.0)
    rspec-mocks (3.13.1)
      diff-lcs (>= 1.2.0, < 2.0)
      rspec-support (~> 3.13.0)
    rspec-support (3.13.1)
    webmock (3.23.1)
      addressable (>= 2.8.0)
      crack (>= 0.3.2)
      hashdiff (>= 0.4.0, < 2.0.0)

PLATFORMS
  ruby

DEPENDENCIES
  aws-sdk-core (~> 3.203)
  aws-sdk-kms (~> 1.89)
  aws-sdk-sqs (~> 1.81)
  nypl_log_formatter (~> 0.1.2)
  nypl_platform_api_client (~> 1.0)
  rspec
  webmock

BUNDLED WITH
   2.5.11
